GEM
  remote: https://rubygems.org/
  specs:
    bubble-wrap (1.0.0)

PLATFORMS
  ruby

DEPENDENCIES
  bubble-wrap
