GEM
  remote: https://rubygems.org/
  specs:
    bubble-wrap (1.0.0)
    cocoapods (0.5.1)
      xcodeproj (~> 0.1.0)
    motion-cocoapods (1.0.4)
      cocoapods (>= 0.5.1)
    motion-testflight (1.1)
    xcodeproj (0.1.0)

PLATFORMS
  ruby

DEPENDENCIES
  bubble-wrap
  cocoapods (< 0.6.0)
  motion-cocoapods
  motion-testflight
